GIT
  remote: https://github.com/seancribbs/ripple.git
  revision: fa8986f4bacb141251d5bb53dc876a948300d3ba
  ref: fa8986f
  specs:
    riak-client (1.0.0.beta)
      beefcake (~> 0.3.7)
      builder (>= 2.1.2)
      i18n (>= 0.4.0)
      multi_json (~> 1.0.0)

PATH
  remote: .
  specs:
    riak-syslog (0.1)
      activemodel (~> 3.1.0)
      bundler
      chronic
      curb
      excon
      gli
      hirb
      json

GEM
  remote: http://rubygems.org/
  specs:
    activemodel (3.1.3)
      activesupport (= 3.1.3)
      builder (~> 3.0.0)
      i18n (~> 0.6)
    activesupport (3.1.3)
      multi_json (~> 1.0)
    beefcake (0.3.7)
    builder (3.0.0)
    chronic (0.6.6)
    curb (0.7.16)
    excon (0.9.2)
    gli (1.4.0)
    hirb (0.6.0)
    i18n (0.6.0)
    json (1.5.4)
    multi_json (1.0.3)

PLATFORMS
  ruby

DEPENDENCIES
  json
  riak-client!
  riak-syslog!
